PATH
  remote: .
  specs:
    feediscovery (0.0.1)
      google-search
      typhoeus

GEM
  remote: https://rubygems.org/
  specs:
    addressable (2.3.4)
    coderay (1.0.9)
    crack (0.3.2)
    diff-lcs (1.2.3)
    ethon (0.5.11)
      ffi (>= 1.3.0)
      mime-types (~> 1.18)
    ffi (1.7.0)
    google-search (1.0.3)
      json
    json (1.7.7)
    method_source (0.8.1)
    mime-types (1.22)
    pry (0.9.12)
      coderay (~> 1.0.5)
      method_source (~> 0.8)
      slop (~> 3.4)
    pry-nav (0.2.3)
      pry (~> 0.9.10)
    rake (10.0.4)
    rspec (2.13.0)
      rspec-core (~> 2.13.0)
      rspec-expectations (~> 2.13.0)
      rspec-mocks (~> 2.13.0)
    rspec-core (2.13.1)
    rspec-expectations (2.13.0)
      diff-lcs (>= 1.1.3, < 2.0)
    rspec-mocks (2.13.1)
    slop (3.4.4)
    typhoeus (0.6.3)
      ethon (~> 0.5.11)
    vcr (2.4.0)
    webmock (1.11.0)
      addressable (>= 2.2.7)
      crack (>= 0.3.2)

PLATFORMS
  ruby

DEPENDENCIES
  bundler (~> 1.3)
  feediscovery!
  pry
  pry-nav
  rake
  rspec
  vcr
  webmock
